PATH
  remote: .
  specs:
    json_schema_to_java (1.0)
      activesupport
      hash_plus (>= 1.3)
      require_all

GEM
  remote: https://rubygems.org/
  specs:
    activesupport (3.2.13)
      i18n (= 0.6.1)
      multi_json (~> 1.0)
    diff-lcs (1.2.4)
    hash_plus (1.3)
    i18n (0.6.1)
    multi_json (1.7.3)
    require_all (1.2.1)
    rspec (2.13.0)
      rspec-core (~> 2.13.0)
      rspec-expectations (~> 2.13.0)
      rspec-mocks (~> 2.13.0)
    rspec-core (2.13.1)
    rspec-expectations (2.13.0)
      diff-lcs (>= 1.1.3, < 2.0)
    rspec-mocks (2.13.1)

PLATFORMS
  ruby

DEPENDENCIES
  json_schema_to_java!
  rspec
  rspec-expectations
